GEM
  remote: https://rubygems.org/
  specs:
    bowser (0.2.0)
      opal (>= 0.8.0, < 0.11.0)
    clearwater (1.0.0.rc2)
      bowser (~> 0.1)
      opal (~> 0.7)
    concurrent-ruby (1.0.2)
    hike (1.2.3)
    opal (0.10.1)
      hike (~> 1.2)
      sourcemap (~> 0.1.0)
      sprockets (~> 3.1)
      tilt (>= 1.4)
    rack (2.0.1)
    rake (11.2.2)
    sass (3.4.22)
    sourcemap (0.1.1)
    sprockets (3.6.3)
      concurrent-ruby (~> 1.0)
      rack (> 1, < 3)
    tilt (2.0.5)

PLATFORMS
  ruby

DEPENDENCIES
  clearwater (~> 1.0.0.rc2)
  rake
  sass
  sprockets (~> 3.6.0)

BUNDLED WITH
   1.12.5
